PATH
  remote: .
  specs:
    tempfile-fixture (0.1.2)

GEM
  remote: https://rubygems.org/
  specs:
    minitest (5.25.1)
    rake (13.2.1)

PLATFORMS
  ruby
  x64-mingw32

DEPENDENCIES
  bundler (~> 2)
  minitest (~> 5.0)
  rake (~> 13.0)
  tempfile-fixture!

BUNDLED WITH
   2.0.1
